GEM
  remote: https://rubygems.org/
  specs:
    ansi (1.5.0)
    ast (2.3.0)
    bitfex (1.1.0)
    oga (2.11)
      ast
      ruby-ll (~> 2.1)
    ruby-ll (2.1.2)
      ansi
      ast

PLATFORMS
  ruby

DEPENDENCIES
  bitfex (= 1.1.0)
  oga

BUNDLED WITH
   1.16.1
